GIT
  remote: git://github.com/fnando/i18n-js.git
  revision: 20f6d119ec58bafff394caff05a0ee60d9729c06
  branch: rewrite
  specs:
    i18n-js (3.0.0.rc2)
      i18n

GIT
  remote: git://github.com/mconf/bigbluebutton-api-ruby.git
  revision: 4824d18961a68291afb7ea4a7d200b0058545fe7
  branch: master
  specs:
    bigbluebutton-api-ruby (1.3.0)
      xml-simple (>= 1.1.1)

GIT
  remote: git://github.com/mconf/bigbluebutton_rails.git
  revision: 3bcff964062f9d24945185b698498bfc2b31e5a7
  branch: master
  specs:
    bigbluebutton_rails (1.3.0)
      bigbluebutton-api-ruby (~> 1.3.0)
      rails (>= 3.0.0)
      resque (~> 1.25.1)
      strong_parameters (~> 0.2.0)

GIT
  remote: git://github.com/mconf/translate.git
  revision: 66f8c7d16696b4b217cb91b4dc3c0e326340b2d3
  specs:
    translate-rails3 (0.1.1)
      ya2yaml (~> 0.30)

GIT
  remote: git@github.com:mconf/mweb_events.git
  revision: 880f51ff91fe4eb4c048f6dd542741dfe068f06a
  specs:
    mweb_events (0.0.1)
      bootstrap3-datetimepicker-rails (~> 3.0.0)
      cancan
      coffee-rails (~> 3.2.1)
      compass-rails (~> 1.0)
      epic-editor-rails
      font-awesome-rails (~> 3.2)
      friendly_id
      geocoder
      haml
      haml-rails
      icalendar
      jquery-rails
      jquery-ui-rails
      leaflet-rails
      less-rails
      momentjs-rails (~> 2.5.0)
      rails (~> 3.2.0)
      redcarpet
      sass-rails (~> 3.2.3)
      select2-rails
      simple_form (~> 2.1.0)
      therubyracer
      twitter-bootstrap-rails
      valid_email

GIT
  remote: https://github.com/Fire-Dragon-DoL/valid_email.git
  revision: 7219f82799b794b01eb287ca73f75ff61324e62d
  specs:
    valid_email (0.0.4)
      activemodel
      mail

GIT
  remote: https://github.com/parasew/acts_as_tree.git
  revision: ed52495d1671c99e1add582628403bf8104e9077
  specs:
    acts_as_tree (1.2.3)

GIT
  remote: https://github.com/sevenwire/forgery.git
  revision: 4416f8392c329214a9a57063fb05eeafb8a49000
  specs:
    forgery (0.6.0)

GEM
  remote: https://rubygems.org/
  specs:
    POpen4 (0.1.4)
      Platform (>= 0.4.0)
      open4
    Platform (0.4.0)
    actionmailer (3.2.18)
      actionpack (= 3.2.18)
      mail (~> 2.5.4)
    actionpack (3.2.18)
      activemodel (= 3.2.18)
      activesupport (= 3.2.18)
      builder (~> 3.0.0)
      erubis (~> 2.7.0)
      journey (~> 1.0.4)
      rack (~> 1.4.5)
      rack-cache (~> 1.2)
      rack-test (~> 0.6.1)
      sprockets (~> 2.2.1)
    activemodel (3.2.18)
      activesupport (= 3.2.18)
      builder (~> 3.0.0)
    activerecord (3.2.18)
      activemodel (= 3.2.18)
      activesupport (= 3.2.18)
      arel (~> 3.0.2)
      tzinfo (~> 0.3.29)
    activeresource (3.2.18)
      activemodel (= 3.2.18)
      activesupport (= 3.2.18)
    activesupport (3.2.18)
      i18n (~> 0.6, >= 0.6.4)
      multi_json (~> 1.0)
    addressable (2.3.5)
    ansi (1.4.1)
    arel (3.0.3)
    bcrypt-ruby (3.1.1)
    better_errors (1.1.0)
      coderay (>= 1.0.0)
      erubis (>= 2.6.6)
    binding_of_caller (0.7.2)
      debug_inspector (>= 0.0.1)
    bootstrap-datetimepicker-rails (0.0.11)
    bootstrap3-datetimepicker-rails (3.0.0.1)
      momentjs-rails (~> 2.5.0)
    builder (3.0.4)
    cancan (1.6.10)
    cancancan (1.8.0)
    carrierwave (0.9.0)
      activemodel (>= 3.2.0)
      activesupport (>= 3.2.0)
      json (>= 1.7)
    chronic (0.6.7)
    chunky_png (1.2.6)
    coderay (1.1.0)
    coffee-rails (3.2.2)
      coffee-script (>= 2.2.0)
      railties (~> 3.2.0)
    coffee-script (2.2.0)
      coffee-script-source
      execjs
    coffee-script-source (1.2.0)
    commonjs (0.2.6)
    compass (0.13.alpha.0)
      chunky_png (~> 1.2)
      fssm (>= 0.2.7)
      sass (~> 3.2.0.alpha.93)
    compass-rails (1.0.3)
      compass (>= 0.12.2, < 0.14)
    configatron (2.13.0)
      yamler (>= 0.1.0)
    crack (0.4.2)
      safe_yaml (~> 1.0.0)
    css_parser (1.3.5)
      addressable
    daemons (1.1.4)
    debug_inspector (0.0.2)
    delayed_job (3.0.5)
      activesupport (~> 3.0)
    delayed_job_active_record (0.4.4)
      activerecord (>= 2.1.0, < 4)
      delayed_job (~> 3.0)
    devise (2.2.4)
      bcrypt-ruby (~> 3.0)
      orm_adapter (~> 0.1)
      railties (~> 3.1)
      warden (~> 1.2.1)
    devise-encryptable (0.1.1)
      devise (>= 2.1.0.rc)
    diff-lcs (1.2.4)
    epic-editor-rails (0.2.3)
      railties (>= 3.2, < 5.0)
    erubis (2.7.0)
    exception_notification (2.6.1)
      actionmailer (>= 3.0.4)
    execjs (1.4.0)
      multi_json (~> 1.0)
    factory_girl (4.0.0)
      activesupport (>= 3.0.0)
    factory_girl_rails (4.0.0)
      factory_girl (~> 4.0.0)
      railties (>= 3.0.0)
    faker (1.3.0)
      i18n (~> 0.5)
    font-awesome-rails (3.2.1.3)
      railties (>= 3.2, < 5.0)
    friendly_id (4.0.8)
    fssm (0.2.9)
    galetahub-simple_captcha (0.1.3)
    garb (0.9.1)
      activesupport (>= 2.2.0)
      crack (>= 0.1.6)
    geocoder (1.2.1)
    haml (3.1.7)
    haml-rails (0.4)
      actionpack (>= 3.1, < 4.1)
      activesupport (>= 3.1, < 4.1)
      haml (>= 3.1, < 4.1)
      railties (>= 3.1, < 4.1)
    handlebars_assets (0.14.1)
      execjs (>= 1.2.9)
      sprockets (>= 2.0.3)
      tilt
    hike (1.2.3)
    htmlentities (4.3.1)
    httparty (0.13.1)
      json (~> 1.8)
      multi_xml (>= 0.5.2)
    i18n (0.6.9)
    icalendar (1.5.1)
    journey (1.0.4)
    jquery-rails (2.3.0)
      railties (>= 3.0, < 5.0)
      thor (>= 0.14, < 2.0)
    jquery-ui-rails (4.2.1)
      railties (>= 3.2.16)
    json (1.8.1)
    leaflet-rails (0.7.3)
    less (2.2.2)
      commonjs (~> 0.2.6)
    less-rails (2.2.6)
      actionpack (>= 3.1)
      less (~> 2.2.0)
    libv8 (3.3.10.4)
    mail (2.5.4)
      mime-types (~> 1.16)
      treetop (~> 1.4.8)
    mime-types (1.25.1)
    mini_portile (0.5.2)
    momentjs-rails (2.5.1)
      railties (>= 3.1)
    mono_logger (1.1.0)
    multi_json (1.10.1)
    multi_xml (0.5.5)
    mysql2 (0.3.11)
    net-ldap (0.3.1)
    nokogiri (1.6.1)
      mini_portile (~> 0.5.0)
    open4 (1.3.0)
    orm_adapter (0.4.0)
    polyglot (0.3.4)
    populator (1.0.0)
    premailer (1.8.0)
      css_parser (>= 1.3.5)
      htmlentities (>= 4.0.0)
    premailer-rails (1.7.0)
      actionmailer (>= 3, < 5)
      premailer (~> 1.7, >= 1.7.9)
    prism (0.1.0)
      nokogiri
    public_activity (1.4.0)
      actionpack (>= 3.0.0)
      activerecord (>= 3.0)
      i18n (>= 0.5.0)
      railties (>= 3.0.0)
    rabl (0.7.1)
      activesupport (>= 2.3.14)
      multi_json (~> 1.0)
    rack (1.4.5)
    rack-cache (1.2)
      rack (>= 0.4)
    rack-protection (1.5.0)
      rack
    rack-ssl (1.3.4)
      rack
    rack-test (0.6.2)
      rack (>= 1.0)
    rails (3.2.18)
      actionmailer (= 3.2.18)
      actionpack (= 3.2.18)
      activerecord (= 3.2.18)
      activeresource (= 3.2.18)
      activesupport (= 3.2.18)
      bundler (~> 1.0)
      railties (= 3.2.18)
    rails-footnotes (3.7.9)
      rails (>= 3.0.0)
    rails_autolink (1.0.9)
      rails (~> 3.1)
    railties (3.2.18)
      actionpack (= 3.2.18)
      activesupport (= 3.2.18)
      rack-ssl (~> 1.3.2)
      rake (>= 0.8.7)
      rdoc (~> 3.4)
      thor (>= 0.14.6, < 2.0)
    rake (10.3.2)
    rdoc (3.12.2)
      json (~> 1.4)
    redcarpet (3.1.2)
    redis (3.0.5)
    redis-namespace (1.3.1)
      redis (~> 3.0.0)
    resque (1.25.1)
      mono_logger (~> 1.0)
      multi_json (~> 1.0)
      redis-namespace (~> 1.2)
      sinatra (>= 0.9.2)
      vegas (~> 0.1.2)
    rmagick (2.13.2)
    rspec-core (2.14.8)
    rspec-expectations (2.14.3)
      diff-lcs (>= 1.1.3, < 2.0)
    rspec-mocks (2.14.3)
    rspec-rails (2.14.0)
      actionpack (>= 3.0)
      activesupport (>= 3.0)
      railties (>= 3.0)
      rspec-core (~> 2.14.0)
      rspec-expectations (~> 2.14.0)
      rspec-mocks (~> 2.14.0)
    rubyzip (0.9.4)
    safe_yaml (1.0.3)
    sass (3.2.1)
    sass-rails (3.2.5)
      railties (~> 3.2.0)
      sass (>= 3.1.10)
      tilt (~> 1.3)
    select2-rails (3.5.0)
      thor (~> 0.14)
    shoulda-matchers (1.3.0)
      activesupport (>= 3.0.0)
    simple_form (2.1.0)
      actionpack (~> 3.0)
      activemodel (~> 3.0)
    simplecov (0.6.4)
      multi_json (~> 1.0)
      simplecov-html (~> 0.5.3)
    simplecov-html (0.5.3)
    sinatra (1.3.6)
      rack (~> 1.4)
      rack-protection (~> 1.3)
      tilt (~> 1.3, >= 1.3.3)
    spork (1.0.0rc3)
    spork-rails (3.2.1)
      rails (>= 3.0.0, < 3.3.0)
      spork (>= 1.0rc0)
    sprockets (2.2.2)
      hike (~> 1.2)
      multi_json (~> 1.0)
      rack (~> 1.0)
      tilt (~> 1.1, != 1.3.0)
    sqlite3 (1.3.6)
    strong_parameters (0.2.1)
      actionpack (~> 3.0)
      activemodel (~> 3.0)
      railties (~> 3.0)
    therubyracer (0.10.2)
      libv8 (~> 3.3.10)
    thor (0.19.1)
    tilt (1.4.1)
    treetop (1.4.15)
      polyglot
      polyglot (>= 0.3.1)
    turn (0.8.2)
      ansi (>= 1.2.2)
    twitter-bootstrap-rails (2.2.7)
      actionpack (>= 3.1)
      execjs
      rails (>= 3.1)
      railties (>= 3.1)
    tzinfo (0.3.39)
    uglifier (1.2.7)
      execjs (>= 0.3.0)
      multi_json (~> 1.3)
    vegas (0.1.11)
      rack (>= 1.0.0)
    vpim (0.695)
    warden (1.2.3)
      rack (>= 1.0)
    webrat (0.7.3)
      nokogiri (>= 1.2.0)
      rack (>= 1.0)
      rack-test (>= 0.5.3)
    whenever (0.8.2)
      activesupport (>= 2.3.4)
      chronic (>= 0.6.3)
    will_paginate (3.0.5)
    xml-simple (1.1.1)
    ya2yaml (0.30)
    yajl-ruby (1.1.0)
    yamler (0.1.0)
    yui-compressor (0.9.6)
      POpen4 (>= 0.1.4)

PLATFORMS
  ruby

DEPENDENCIES
  acts_as_tree!
  better_errors
  bigbluebutton-api-ruby!
  bigbluebutton_rails!
  binding_of_caller
  bootstrap-datetimepicker-rails
  cancancan (~> 1.8)
  carrierwave
  chronic
  coffee-rails (~> 3.2.0)
  compass (~> 0.13.alpha)
  compass-rails (~> 1.0)
  configatron (~> 2.13.0)
  daemons
  delayed_job (~> 3.0.0)
  delayed_job_active_record
  devise
  devise-encryptable
  exception_notification
  factory_girl_rails
  faker
  font-awesome-rails
  forgery!
  friendly_id
  galetahub-simple_captcha
  garb
  haml
  handlebars_assets
  htmlentities
  httparty
  i18n-js!
  icalendar
  jquery-rails
  less-rails
  momentjs-rails
  mweb_events!
  mysql2 (~> 0.3.0)
  net-ldap
  nokogiri
  populator
  premailer-rails
  prism
  public_activity
  rabl
  rails (= 3.2.18)
  rails-footnotes
  rails_autolink
  rake
  resque
  rmagick
  rspec-rails (~> 2.14)
  rubyzip
  sass-rails (~> 3.2.0)
  select2-rails
  shoulda-matchers
  simple_form (~> 2.1.0)
  simplecov
  spork-rails
  sqlite3
  strong_parameters
  therubyracer
  translate-rails3!
  turn (= 0.8.2)
  twitter-bootstrap-rails
  uglifier (>= 1.0.3)
  valid_email!
  vpim
  webrat
  whenever
  will_paginate
  yajl-ruby
  yui-compressor
